PATH
  remote: .
  specs:
    sonice (2.1.0)
      anyplayer (> 1.1.1)
      foreman
      haml
      sinatra
      thin
      xml-simple

GEM
  remote: http://rubygems.org/
  specs:
    anyplayer (1.1.4)
      ruby-mpd (~> 0.3.0)
    daemons (1.1.9)
    dotenv (0.11.1)
      dotenv-deployment (~> 0.0.2)
    dotenv-deployment (0.0.2)
    eventmachine (1.0.3)
    foreman (0.74.0)
      dotenv (~> 0.11.1)
      thor (~> 0.19.1)
    haml (4.0.5)
      tilt
    rack (1.5.2)
    rack-protection (1.5.3)
      rack
    ruby-mpd (0.3.1)
    sinatra (1.4.5)
      rack (~> 1.4)
      rack-protection (~> 1.4)
      tilt (~> 1.3, >= 1.3.4)
    thin (1.6.2)
      daemons (>= 1.0.9)
      eventmachine (>= 1.0.0)
      rack (>= 1.0.0)
    thor (0.19.1)
    tilt (1.4.1)
    xml-simple (1.1.4)

PLATFORMS
  ruby

DEPENDENCIES
  rack
  sonice!
